GEM
    remote: http://rubygems.org/
    spec:
        sass (3.4.22)

PLATFORMS
    ruby

DEPENDENCIES
    sass
